GEM
  specs:
    faraday (0.9.2)
      multipart-post (>= 1.2, < 3)
    multipart-post (2.0.0)
    steam_web_api (0.0.3)
      faraday (~> 0.9)

PLATFORMS
  ruby

DEPENDENCIES
  steam_web_api (~> 0.0.3)

BUNDLED WITH
   1.10.6
